

GROUP Build
NUGET
  remote: https://api.nuget.org/v3/index.json
    FAKE (4.62.1)
    FSharp.Compiler.Service (2.0.0.6)
    FSharp.Formatting (2.14.4)
      FSharp.Compiler.Service (2.0.0.6)
      FSharpVSPowerTools.Core (>= 2.3 < 2.4)
    FSharpVSPowerTools.Core (2.3)
      FSharp.Compiler.Service (>= 2.0.0.3)
    NuGet.CommandLine (4.1)
HTTP
  remote: https://github.com
    ICSharpCode.SharpZipLib.dll (/icsharpcode/SharpZipLib/releases/download/0.86.0.518/ICSharpCode.SharpZipLib.dll)